GEM
  remote: https://rubygems.org/
  specs:
    rack (2.2.6.2)
    rulers (0.0.1)
      rack

PLATFORMS
  arm64-darwin-21
  x86_64-darwin-21

DEPENDENCIES
  rulers

BUNDLED WITH
   2.4.7
